GIT
  remote: git@github.com:www-thoughtworks-com/tw.common.git
  revision: 55a3bb61a3918946dba12793baafb2cc64de6d90
  ref: 55a3bb6
  specs:
    tw-common (0.0.1)
      statsd-ruby

GEM
  remote: https://rubygems.org/
  specs:
    anemone (0.7.2)
      nokogiri (>= 1.3.0)
      robotex (>= 1.0.0)
    daemons (1.0.10)
    diff-lcs (1.2.4)
    gem_plugin (0.2.3)
    mongrel (1.2.0.pre2)
      daemons (~> 1.0.10)
      gem_plugin (~> 0.2.3)
    nokogiri (1.5.6)
    rack (1.5.2)
    rack-protection (1.5.0)
      rack
    rake (0.9.2.2)
    robotex (1.0.0)
    rspec (2.14.1)
      rspec-core (~> 2.14.0)
      rspec-expectations (~> 2.14.0)
      rspec-mocks (~> 2.14.0)
    rspec-core (2.14.5)
    rspec-expectations (2.14.2)
      diff-lcs (>= 1.1.3, < 2.0)
    rspec-mocks (2.14.3)
    sinatra (1.3.3)
      rack (~> 1.3, >= 1.3.6)
      rack-protection (~> 1.2)
      tilt (~> 1.3, >= 1.3.3)
    smart_colored (1.1.1)
    statsd-ruby (1.2.1)
    tilt (1.3.7)

PLATFORMS
  ruby

DEPENDENCIES
  anemone
  mongrel (~> 1.2.0.pre2)
  rake
  rspec
  sinatra
  smart_colored
  tw-common!
