GIT
  remote: git@github.com:www-thoughtworks-com/tw.common.git
  revision: 55a3bb61a3918946dba12793baafb2cc64de6d90
  ref: 55a3bb6
  specs:
    tw-common (0.0.1)
      statsd-ruby

GEM
  remote: https://rubygems.org/
  specs:
    anemone (0.7.2)
      nokogiri (>= 1.3.0)
      robotex (>= 1.0.0)
    daemons (1.0.10)
    diff-lcs (1.2.5)
    gem_plugin (0.2.3)
    mini_portile (0.6.2)
    mongrel (1.2.0.pre2)
      daemons (~> 1.0.10)
      gem_plugin (~> 0.2.3)
    nokogiri (1.6.6.2)
      mini_portile (~> 0.6.0)
    rack (1.6.4)
    rack-protection (1.5.3)
      rack
    rake (10.1.0)
    robotex (1.0.0)
    rspec (3.3.0)
      rspec-core (~> 3.3.0)
      rspec-expectations (~> 3.3.0)
      rspec-mocks (~> 3.3.0)
    rspec-core (3.3.2)
      rspec-support (~> 3.3.0)
    rspec-expectations (3.3.1)
      diff-lcs (>= 1.2.0, < 2.0)
      rspec-support (~> 3.3.0)
    rspec-mocks (3.3.2)
      diff-lcs (>= 1.2.0, < 2.0)
      rspec-support (~> 3.3.0)
    rspec-support (3.3.0)
    sinatra (1.4.6)
      rack (~> 1.4)
      rack-protection (~> 1.4)
      tilt (>= 1.3, < 3)
    smart_colored (1.1.1)
    statsd-ruby (1.2.1)
    tilt (2.0.1)

PLATFORMS
  ruby

DEPENDENCIES
  anemone
  mongrel (~> 1.2.0.pre2)
  rake
  rspec
  sinatra
  smart_colored
  tw-common!
